GEM
  remote: https://rubygems.org/
  specs:
    actionmailer (3.2.17)
      actionpack (= 3.2.17)
      mail (~> 2.5.4)
    actionpack (3.2.17)
      activemodel (= 3.2.17)
      activesupport (= 3.2.17)
      builder (~> 3.0.0)
      erubis (~> 2.7.0)
      journey (~> 1.0.4)
      rack (~> 1.4.5)
      rack-cache (~> 1.2)
      rack-test (~> 0.6.1)
      sprockets (~> 2.2.1)
    activemodel (3.2.17)
      activesupport (= 3.2.17)
      builder (~> 3.0.0)
    activerecord (3.2.17)
      activemodel (= 3.2.17)
      activesupport (= 3.2.17)
      arel (~> 3.0.2)
      tzinfo (~> 0.3.29)
    activeresource (3.2.17)
      activemodel (= 3.2.17)
      activesupport (= 3.2.17)
    activesupport (3.2.17)
      i18n (~> 0.6, >= 0.6.4)
      multi_json (~> 1.0)
    addressable (2.3.6)
    archive-zip (0.6.0)
      io-like (>= 0.3.0)
    arel (3.0.3)
    backports (3.6.0)
    bigdecimal (1.2.5)
    builder (3.0.4)
    chunky_png (1.3.0)
    claide (0.5.0)
    classifier (1.3.4)
      fast-stemmer (>= 1.0.0)
    cocoapods (0.31.1)
      activesupport (>= 3.2.15, < 4)
      claide (~> 0.5.0)
      cocoapods-core (= 0.31.1)
      cocoapods-downloader (~> 0.4.1)
      cocoapods-try (~> 0.2.0)
      colored (~> 1.2)
      escape (~> 0.0.4)
      json_pure (~> 1.8)
      nap (~> 0.5)
      open4 (~> 1.3)
      xcodeproj (~> 0.16.0)
    cocoapods-browser (0.1.1)
      cocoapods
    cocoapods-core (0.31.1)
      activesupport (>= 3.2.15, < 4)
      fuzzy_match (~> 2.0.4)
      json_pure (~> 1.8)
      nap (~> 0.5)
    cocoapods-docs (0.0.1)
    cocoapods-downloader (0.4.1)
    cocoapods-open (0.0.6)
    cocoapods-podfile_info (0.0.1)
    cocoapods-try (0.2.0)
    cocoapods-try-release-fix (0.1.2)
    coderay (1.1.0)
    colored (1.2)
    diff-lcs (1.2.5)
    directory_watcher (1.5.1)
    domain_name (0.5.18)
      unf (>= 0.0.5, < 1.0.0)
    erubis (2.7.0)
    escape (0.0.4)
    ethon (0.7.0)
      ffi (>= 1.3.0)
    evernote-editor (0.1.6)
      evernote_oauth (~> 0.2.1)
      highline (~> 1.6.15)
      redcarpet (~> 2.2.2)
      reverse_markdown (~> 0.4.3)
    evernote-thrift (1.25.1)
    evernote_oauth (0.2.3)
      evernote-thrift
      oauth (>= 0.4.1)
    faraday (0.8.9)
      multipart-post (~> 1.2.0)
    faraday_middleware (0.9.0)
      faraday (>= 0.7.4, < 0.9)
    fast-stemmer (1.0.2)
    ffi (1.9.3)
    fuzzy_match (2.0.4)
    gem-changelog (1.0.3)
    gh (0.13.2)
      addressable
      backports
      faraday (~> 0.8)
      multi_json (~> 1.0)
      net-http-persistent (>= 2.7)
      net-http-pipeline
    githug (0.4.2)
      grit (~> 2.3.0)
      rake
      thor (~> 0.14.6)
    grit (2.3.0)
      diff-lcs (~> 1.1)
      mime-types (~> 1.15)
    hashie (1.2.0)
    hashr (0.0.22)
    highline (1.6.21)
    hike (1.2.3)
    homesick (1.0.0)
      thor (>= 0.14.0)
    http-cookie (1.0.2)
      domain_name (~> 0.5)
    i18n (0.6.9)
    io-console (0.4.2)
    io-like (0.3.0)
    jekyll (0.12.1)
      classifier (~> 1.3)
      directory_watcher (~> 1.1)
      kramdown (~> 0.14)
      liquid (~> 2.3)
      maruku (~> 0.5)
      pygments.rb (~> 0.3.2)
    journey (1.0.4)
    json (1.8.1)
    json_pure (1.8.1)
    kramdown (0.14.2)
    launchy (2.4.2)
      addressable (~> 2.3)
    liquid (2.6.1)
    mail (2.5.4)
      mime-types (~> 1.16)
      treetop (~> 1.4.8)
    maruku (0.7.1)
    mechanize (2.7.2)
      domain_name (~> 0.5, >= 0.5.1)
      http-cookie (~> 1.0.0)
      mime-types (~> 1.17, >= 1.17.2)
      net-http-digest_auth (~> 1.1, >= 1.1.1)
      net-http-persistent (~> 2.5, >= 2.5.2)
      nokogiri (~> 1.4)
      ntlm-http (~> 0.1, >= 0.1.1)
      webrobots (>= 0.0.9, < 0.2)
    method_source (0.8.2)
    mime-types (1.25.1)
    mini_portile (0.5.3)
    multi_json (1.9.2)
    multipart-post (1.2.0)
    nap (0.7.0)
    net-http-digest_auth (1.4)
    net-http-persistent (2.9.4)
    net-http-pipeline (1.0.1)
    nokogiri (1.6.1)
      mini_portile (~> 0.5.0)
    ntlm-http (0.1.1)
    oauth (0.4.7)
    open4 (1.3.3)
    picon (1.0.0)
      plist (~> 3.1.0)
      ruby_identicon (~> 0.0.1)
    plist (3.1.0)
    polyglot (0.3.4)
    posix-spawn (0.3.8)
    pry (0.9.12.6)
      coderay (~> 1.0)
      method_source (~> 0.8)
      slop (~> 3.4)
    pry-doc (0.6.0)
      pry (~> 0.9)
      yard (~> 0.8)
    psych (2.0.5)
    pusher-client (0.4.0)
      websocket (~> 1.0.0)
    pygments.rb (0.3.7)
      posix-spawn (~> 0.3.6)
      yajl-ruby (~> 1.1.0)
    qiita (0.0.3)
      faraday (~> 0.8)
      faraday_middleware (~> 0.8)
      hashie (~> 1.2)
      json (~> 1.7)
    rack (1.4.5)
    rack-cache (1.2)
      rack (>= 0.4)
    rack-ssl (1.3.4)
      rack
    rack-test (0.6.2)
      rack (>= 1.0)
    rails (3.2.17)
      actionmailer (= 3.2.17)
      actionpack (= 3.2.17)
      activerecord (= 3.2.17)
      activeresource (= 3.2.17)
      activesupport (= 3.2.17)
      bundler (~> 1.0)
      railties (= 3.2.17)
    railties (3.2.17)
      actionpack (= 3.2.17)
      activesupport (= 3.2.17)
      rack-ssl (~> 1.3.2)
      rake (>= 0.8.7)
      rdoc (~> 3.4)
      thor (>= 0.14.6, < 2.0)
    rake (10.2.2)
    rdoc (3.12.2)
      json (~> 1.4)
    redcarpet (2.2.2)
    reverse_markdown (0.4.7)
      nokogiri
    ruby_identicon (0.0.3)
      chunky_png (~> 1.3.0)
    rubygems-auto-rehash (0.0.3)
    rvm (1.11.3.9)
    safe_yaml (0.9.7)
    slop (3.5.0)
    sprockets (2.2.2)
      hike (~> 1.2)
      multi_json (~> 1.0)
      rack (~> 1.0)
      tilt (~> 1.1, != 1.3.0)
    thor (0.14.6)
    tilt (1.4.1)
    travis (1.6.8)
      addressable (~> 2.3)
      backports
      faraday (~> 0.8.7)
      faraday_middleware (~> 0.9)
      gh (~> 0.13)
      highline (~> 1.6)
      launchy (~> 2.1)
      pry (~> 0.9)
      pusher-client (~> 0.4)
      typhoeus (~> 0.6)
    travis-lint (1.8.0)
      hashr (~> 0.0.22)
      safe_yaml (~> 0.9.0)
    treetop (1.4.15)
      polyglot
      polyglot (>= 0.3.1)
    typhoeus (0.6.8)
      ethon (>= 0.7.0)
    tzinfo (0.3.39)
    unf (0.1.4)
      unf_ext
    unf_ext (0.0.6)
    webrobots (0.1.1)
    websocket (1.0.7)
    xcodeproj (0.16.0)
      activesupport (~> 3.0)
      colored (~> 1.2)
    xcpretty (0.1.4)
    yajl-ruby (1.1.0)
    yard (0.8.7.4)

PLATFORMS
  ruby

DEPENDENCIES
  archive-zip
  bigdecimal
  cocoapods-browser
  cocoapods-docs
  cocoapods-open
  cocoapods-podfile_info
  cocoapods-try-release-fix
  evernote-editor
  gem-changelog
  githug
  homesick
  io-console
  jekyll
  mechanize
  picon
  pry-doc
  psych
  qiita
  rails
  rubygems-auto-rehash
  rvm
  travis
  travis-lint
  xcpretty
