GEM
  remote: https://rubygems.org/
  specs:
    activesupport (4.2.1)
      i18n (~> 0.7)
      json (~> 1.7, >= 1.7.7)
      minitest (~> 5.1)
      thread_safe (~> 0.3, >= 0.3.4)
      tzinfo (~> 1.1)
    asciidoctor (1.5.2)
    asciidoctor-diagram (1.2.1)
      asciidoctor (~> 1.5.0)
      rjb (~> 1.4.8)
    aws-sdk (1.64.0)
      aws-sdk-v1 (= 1.64.0)
    aws-sdk-v1 (1.64.0)
      json (~> 1.4)
      nokogiri (>= 1.4.4)
    certified (1.0.0)
    claide (0.8.1)
    clamp (0.6.4)
    cocoapods (0.36.3)
      activesupport (>= 3.2.15)
      claide (~> 0.8.1)
      cocoapods-core (= 0.36.3)
      cocoapods-downloader (~> 0.9.0)
      cocoapods-plugins (~> 0.4.1)
      cocoapods-trunk (~> 0.6.0)
      cocoapods-try (~> 0.4.3)
      colored (~> 1.2)
      escape (~> 0.0.4)
      molinillo (~> 0.2.1)
      nap (~> 0.8)
      open4 (~> 1.3)
      xcodeproj (~> 0.23.1)
    cocoapods-core (0.36.3)
      activesupport (>= 3.2.15)
      fuzzy_match (~> 2.0.4)
      nap (~> 0.8.0)
    cocoapods-downloader (0.9.0)
    cocoapods-plugins (0.4.2)
      nap
    cocoapods-trunk (0.6.0)
      nap (>= 0.8)
      netrc (= 0.7.8)
    cocoapods-try (0.4.3)
    coderay (1.1.0)
    colored (1.2)
    colorize (0.7.5)
    commander (4.3.2)
      highline (~> 1.7.1)
    cupertino (1.3.1)
      certified (>= 0.1.0)
      commander (~> 4.3)
      mechanize (~> 2.5.1)
      nokogiri (~> 1.6.3)
      security (~> 0.1.2)
      term-ansicolor (~> 1.0.7)
      terminal-table (~> 1.4.5)
    domain_name (0.5.23)
      unf (>= 0.0.5, < 1.0.0)
    dotenv (0.11.1)
      dotenv-deployment (~> 0.0.2)
    dotenv-deployment (0.0.2)
    dubai (0.1.0)
      commander (~> 4.1)
      json
      rubyzip (~> 1.0)
      sinatra (~> 1.3)
      terminal-table (~> 1.4)
    escape (0.0.4)
    faraday (0.8.9)
      multipart-post (~> 1.2.0)
    faraday_middleware (0.9.1)
      faraday (>= 0.7.4, < 0.10)
    fuzzy_match (2.0.4)
    highline (1.7.1)
    homesick (1.1.2)
      thor (>= 0.14.0)
    houston (2.2.3)
      commander (~> 4.1)
      json
    htmlbeautifier (1.1.0)
    i18n (0.7.0)
    json (1.8.2)
    mechanize (2.5.1)
      domain_name (~> 0.5, >= 0.5.1)
      mime-types (~> 1.17, >= 1.17.2)
      net-http-digest_auth (~> 1.1, >= 1.1.1)
      net-http-persistent (~> 2.5, >= 2.5.2)
      nokogiri (~> 1.4)
      ntlm-http (~> 0.1, >= 0.1.1)
      webrobots (~> 0.0, >= 0.0.9)
    method_source (0.8.2)
    mime-types (1.25.1)
    mini_portile (0.6.2)
    minitest (5.5.1)
    molinillo (0.2.3)
    multipart-post (1.2.0)
    nap (0.8.0)
    net-http-digest_auth (1.4)
    net-http-persistent (2.9.4)
    net-sftp (2.1.2)
      net-ssh (>= 2.6.5)
    net-ssh (2.9.2)
    netrc (0.7.8)
    nokogiri (1.6.6.2)
      mini_portile (~> 0.6.0)
    nomad-cli (0.0.2)
      cupertino
      dubai
      houston
      shenzhen
      venice
    ntlm-http (0.1.1)
    open4 (1.3.4)
    plist (3.1.0)
    posix-spawn (0.3.10)
    pry (0.10.1)
      coderay (~> 1.1.0)
      method_source (~> 0.8.1)
      slop (~> 3.4)
    pygments.rb (0.6.3)
      posix-spawn (~> 0.3.6)
      yajl-ruby (~> 1.2.0)
    rack (1.6.0)
    rack-protection (1.5.3)
      rack
    rjb (1.4.9)
    ruby-beautify (0.97.2)
    rubyzip (1.1.7)
    security (0.1.3)
    shenzhen (0.13.1)
      aws-sdk (~> 1.0)
      commander (~> 4.3)
      dotenv (~> 0.7)
      faraday (~> 0.8.9)
      faraday_middleware (~> 0.9)
      json (~> 1.8)
      net-sftp (~> 2.1.2)
      plist (~> 3.1.0)
      rubyzip (~> 1.1)
      security (~> 0.1.3)
      terminal-table (~> 1.4.5)
    sinatra (1.4.6)
      rack (~> 1.4)
      rack-protection (~> 1.4)
      tilt (>= 1.3, < 3)
    slop (3.6.0)
    synx (0.0.53)
      clamp (~> 0.6)
      colorize (~> 0.7)
      xcodeproj (~> 0.17)
    term-ansicolor (1.0.7)
    terminal-table (1.4.5)
    thor (0.19.1)
    thread_safe (0.3.5)
    tilt (2.0.1)
    tzinfo (1.2.2)
      thread_safe (~> 0.1)
    unf (0.1.4)
      unf_ext
    unf_ext (0.0.6)
    venice (0.2.0)
      commander (~> 4.1)
      json
      terminal-table (~> 1.4)
    webrobots (0.1.1)
    xcodeproj (0.23.1)
      activesupport (>= 3)
      colored (~> 1.2)
    xcpretty (0.1.8)
    yajl-ruby (1.2.1)

PLATFORMS
  ruby

DEPENDENCIES
  asciidoctor
  asciidoctor-diagram
  cocoapods (~> 0.36.0)
  homesick
  htmlbeautifier
  nomad-cli
  pry
  pygments.rb
  ruby-beautify
  synx
  xcpretty
