GEM
  remote: https://rubygems.org/
  specs:
    CFPropertyList (2.2.8)
    activesupport (3.2.19)
      i18n (~> 0.6, >= 0.6.4)
      multi_json (~> 1.0)
    addressable (2.3.6)
    backports (3.6.1)
    claide (0.7.0)
    clamp (0.6.3)
    cocoapods (0.34.1)
      activesupport (>= 3.2.15, < 4)
      claide (~> 0.7.0)
      cocoapods-core (= 0.34.1)
      cocoapods-downloader (~> 0.7.1)
      cocoapods-plugins (~> 0.3.1)
      cocoapods-trunk (~> 0.2.0)
      cocoapods-try (~> 0.4.1)
      colored (~> 1.2)
      escape (~> 0.0.4)
      json_pure (~> 1.8)
      nap (~> 0.8)
      open4 (~> 1.3)
      xcodeproj (~> 0.19.2)
    cocoapods-core (0.34.1)
      activesupport (>= 3.2.15)
      fuzzy_match (~> 2.0.4)
      json_pure (~> 1.8)
      nap (~> 0.8.0)
    cocoapods-downloader (0.7.1)
    cocoapods-plugins (0.3.1)
      nap
    cocoapods-trunk (0.2.0)
      json_pure (~> 1.8)
      nap (>= 0.8)
      netrc
    cocoapods-try (0.4.1)
    coderay (1.1.0)
    colored (1.2)
    escape (0.0.4)
    ethon (0.7.1)
      ffi (>= 1.3.0)
    evernote-editor (0.1.7)
      evernote_oauth (~> 0.2.3)
      highline (~> 1.6.21)
      redcarpet (~> 3.1.1)
      reverse_markdown (= 0.5.1)
      sanitize (= 2.1.0)
    evernote-thrift (1.25.1)
    evernote_oauth (0.2.3)
      evernote-thrift
      oauth (>= 0.4.1)
    faraday (0.9.0)
      multipart-post (>= 1.2, < 3)
    faraday_middleware (0.9.1)
      faraday (>= 0.7.4, < 0.10)
    ffi (1.9.5)
    fuzzy_match (2.0.4)
    gh (0.13.2)
      addressable
      backports
      faraday (~> 0.8)
      multi_json (~> 1.0)
      net-http-persistent (>= 2.7)
      net-http-pipeline
    highline (1.6.21)
    homesick (1.1.1)
      thor (>= 0.14.0)
    i18n (0.6.11)
    json (1.8.1)
    json_pure (1.8.1)
    launchy (2.4.2)
      addressable (~> 2.3)
    method_source (0.8.2)
    mini_portile (0.6.0)
    multi_json (1.10.1)
    multipart-post (2.0.0)
    nap (0.8.0)
    net-http-persistent (2.9.4)
    net-http-pipeline (1.0.1)
    netrc (0.7.7)
    nokogiri (1.6.3.1)
      mini_portile (= 0.6.0)
    oauth (0.4.7)
    open4 (1.3.4)
    pry (0.9.12.6)
      coderay (~> 1.0)
      method_source (~> 0.8)
      slop (~> 3.4)
    pusher-client (0.6.0)
      json
      websocket (~> 1.0)
    rake (10.3.2)
    redcarpet (3.1.2)
    reverse_markdown (0.5.1)
      nokogiri
    sanitize (2.1.0)
      nokogiri (>= 1.4.4)
    slop (3.6.0)
    synx (0.0.52)
      clamp (~> 0.6)
      colored (~> 1.2)
      xcodeproj (~> 0.17)
    thor (0.19.1)
    travis (1.7.2)
      addressable (~> 2.3)
      backports
      faraday (~> 0.9)
      faraday_middleware (~> 0.9, >= 0.9.1)
      gh (~> 0.13)
      highline (~> 1.6)
      launchy (~> 2.1)
      pry (~> 0.9, < 0.10)
      pusher-client (~> 0.4)
      typhoeus (~> 0.6, >= 0.6.8)
    typhoeus (0.6.9)
      ethon (>= 0.7.1)
    websocket (1.2.1)
    xcodeproj (0.19.2)
      CFPropertyList (~> 2.2)
      activesupport (~> 3.0)
      colored (~> 1.2)
    xcpretty (0.1.7)

PLATFORMS
  ruby

DEPENDENCIES
  cocoapods (~> 0.33)
  evernote-editor
  homesick
  pry
  rake
  synx
  travis
  xcpretty
